GEM
  remote: https://rubygems.org/
  specs:
    docile (1.4.0)
    simplecov (0.21.2)
      docile (~> 1.1)
      simplecov-html (~> 0.11)
      simplecov_json_formatter (~> 0.1)
    simplecov-html (0.12.3)
    simplecov_json_formatter (0.1.4)

PLATFORMS
  x86_64-linux

DEPENDENCIES
  simplecov (= 0.21.2)
  simplecov_json_formatter (= 0.1.4)

BUNDLED WITH
   2.4.14
